GEM
  remote: https://rubygems.org/
  specs:
    activemodel (3.2.22)
      activesupport (= 3.2.22)
      builder (~> 3.0.0)
    activerecord (3.2.22)
      activemodel (= 3.2.22)
      activesupport (= 3.2.22)
      arel (~> 3.0.2)
      tzinfo (~> 0.3.29)
    activesupport (3.2.22)
      i18n (~> 0.6, >= 0.6.4)
      multi_json (~> 1.0)
    arel (3.0.3)
    builder (3.0.4)
    daemons (1.2.3)
    erubis (2.7.0)
    eventmachine (1.0.7)
    faraday (0.9.1)
      multipart-post (>= 1.2, < 3)
    hashie (3.4.2)
    http_router (0.11.2)
      rack (>= 1.0.0)
      url_mount (~> 0.2.1)
    i18n (0.7.0)
    jwt (1.5.1)
    mail (2.5.4)
      mime-types (~> 1.16)
      treetop (~> 1.4.8)
    mime-types (1.25.1)
    moneta (0.7.20)
    multi_json (1.11.2)
    multi_xml (0.5.5)
    multipart-post (2.0.0)
    oauth2 (1.0.0)
      faraday (>= 0.8, < 0.10)
      jwt (~> 1.0)
      multi_json (~> 1.3)
      multi_xml (~> 0.5)
      rack (~> 1.2)
    omniauth (1.2.2)
      hashie (>= 1.2, < 4)
      rack (~> 1.0)
    omniauth-google-oauth2 (0.2.6)
      omniauth (> 1.0)
      omniauth-oauth2 (~> 1.1)
    omniauth-oauth2 (1.3.1)
      oauth2 (~> 1.0)
      omniauth (~> 1.2)
    padrino (0.12.5)
      padrino-admin (= 0.12.5)
      padrino-cache (= 0.12.5)
      padrino-core (= 0.12.5)
      padrino-gen (= 0.12.5)
      padrino-helpers (= 0.12.5)
      padrino-mailer (= 0.12.5)
      padrino-support (= 0.12.5)
    padrino-admin (0.12.5)
      padrino-core (= 0.12.5)
      padrino-helpers (= 0.12.5)
    padrino-cache (0.12.5)
      moneta (~> 0.7.0)
      padrino-core (= 0.12.5)
      padrino-helpers (= 0.12.5)
    padrino-core (0.12.5)
      activesupport (>= 3.1)
      http_router (~> 0.11.0)
      padrino-support (= 0.12.5)
      rack (< 1.6.0)
      rack-protection (>= 1.5.0)
      sinatra (~> 1.4.2)
      thor (~> 0.18)
    padrino-gen (0.12.5)
      bundler (~> 1.0)
      padrino-core (= 0.12.5)
    padrino-helpers (0.12.5)
      i18n (~> 0.6, >= 0.6.7)
      padrino-support (= 0.12.5)
      tilt (~> 1.4.1)
    padrino-mailer (0.12.5)
      mail (~> 2.5.3)
      padrino-core (= 0.12.5)
    padrino-support (0.12.5)
      activesupport (>= 3.1)
    pg (0.18.2)
    polyglot (0.3.5)
    rack (1.5.5)
    rack-protection (1.5.3)
      rack
    rake (10.4.2)
    shotgun (0.9.1)
      rack (>= 1.0)
    sinatra (1.4.6)
      rack (~> 1.4)
      rack-protection (~> 1.4)
      tilt (>= 1.3, < 3)
    sinatra-flash (0.3.0)
      sinatra (>= 1.0.0)
    thin (1.6.3)
      daemons (~> 1.0, >= 1.0.9)
      eventmachine (~> 1.0)
      rack (~> 1.0)
    thor (0.19.1)
    tilt (1.4.1)
    treetop (1.4.15)
      polyglot
      polyglot (>= 0.3.1)
    tzinfo (0.3.44)
    url_mount (0.2.1)
      rack

PLATFORMS
  ruby

DEPENDENCIES
  activerecord (~> 3.0)
  erubis (~> 2.7.0)
  omniauth-google-oauth2
  padrino (>= 0.11)
  pg
  rake
  shotgun
  sinatra-flash
  thin

BUNDLED WITH
   1.10.6
